GEM
  remote: https://rubygems.org/
  specs:
    bigdecimal (3.1.8)
    sequel (5.81.0)
      bigdecimal
    timers (4.3.5)

PLATFORMS
  ruby
  x86_64-linux

DEPENDENCIES
  sequel
  timers

BUNDLED WITH
   2.5.11
